GEM
  remote: http://rubygems.org/
  specs:
    activesupport (3.1.3)
      multi_json (~> 1.0)
    chronic (0.6.6)
    hashie (1.2.0)
    i18n (0.6.0)
    multi_json (1.0.4)
    oauth (0.4.5)
    thor (0.14.6)
    tumblife (0.3.1)
      hashie
      oauth
    whenever (0.7.2)
      activesupport (>= 2.3.4)
      chronic (~> 0.6.3)

PLATFORMS
  ruby

DEPENDENCIES
  activesupport
  hashie
  i18n
  thor
  tumblife
  whenever
