GEM
  remote: http://rubygems.org/
  specs:
    activesupport (3.1.4)
      multi_json (~> 1.0)
    chronic (0.6.7)
    hashie (1.2.0)
    i18n (0.6.0)
    multi_json (1.1.0)
    oauth (0.4.5)
    thor (0.14.6)
    tumblife (1.0.0)
      activesupport (~> 3.1.3)
      hashie (~> 1.2.0)
      oauth (~> 0.4.5)
    whenever (0.7.3)
      activesupport (>= 2.3.4)
      chronic (~> 0.6.3)

PLATFORMS
  ruby

DEPENDENCIES
  activesupport
  hashie
  i18n
  thor
  tumblife
  whenever
